GEM
  remote: https://rubygems.org/
  specs:
    oj (2.12.7)

PLATFORMS
  ruby

DEPENDENCIES
  oj
